GIT
  remote: https://github.com/active-elastic-job/active-elastic-job.git
  revision: ec51c5d9dedc4a1b47f2db41f26d5fceb251e979
  ref: ec51c5d9dedc4a1b47f2db41f26d5fceb251e979
  specs:
    active_elastic_job (2.0.1)
      aws-sdk-sqs (~> 1)
      rails (>= 4.2)

GIT
  remote: https://github.com/rails/rails.git
  revision: 2fcc0052feda9f9287ba9b6f2d2a551021cf0138
  branch: 6-1-stable
  specs:
    actioncable (6.1.7.7)
      actionpack (= 6.1.7.7)
      activesupport (= 6.1.7.7)
      nio4r (~> 2.0)
      websocket-driver (>= 0.6.1)
    actionmailbox (6.1.7.7)
      actionpack (= 6.1.7.7)
      activejob (= 6.1.7.7)
      activerecord (= 6.1.7.7)
      activestorage (= 6.1.7.7)
      activesupport (= 6.1.7.7)
      mail (>= 2.7.1)
    actionmailer (6.1.7.7)
      actionpack (= 6.1.7.7)
      actionview (= 6.1.7.7)
      activejob (= 6.1.7.7)
      activesupport (= 6.1.7.7)
      mail (~> 2.5, >= 2.5.4)
      rails-dom-testing (~> 2.0)
    actionpack (6.1.7.7)
      actionview (= 6.1.7.7)
      activesupport (= 6.1.7.7)
      racc
      rack (~> 2.0, >= 2.0.9)
      rack-test (>= 0.6.3)
      rails-dom-testing (~> 2.0)
      rails-html-sanitizer (~> 1.0, >= 1.2.0)
    actiontext (6.1.7.7)
      actionpack (= 6.1.7.7)
      activerecord (= 6.1.7.7)
      activestorage (= 6.1.7.7)
      activesupport (= 6.1.7.7)
      nokogiri (>= 1.8.5)
    actionview (6.1.7.7)
      activesupport (= 6.1.7.7)
      builder (~> 3.1)
      erubi (~> 1.4)
      rails-dom-testing (~> 2.0)
      rails-html-sanitizer (~> 1.1, >= 1.2.0)
    activejob (6.1.7.7)
      activesupport (= 6.1.7.7)
      globalid (>= 0.3.6)
    activemodel (6.1.7.7)
      activesupport (= 6.1.7.7)
    activerecord (6.1.7.7)
      activemodel (= 6.1.7.7)
      activesupport (= 6.1.7.7)
    activestorage (6.1.7.7)
      actionpack (= 6.1.7.7)
      activejob (= 6.1.7.7)
      activerecord (= 6.1.7.7)
      activesupport (= 6.1.7.7)
      marcel (~> 1.0)
      mini_mime (>= 1.1.0)
    activesupport (6.1.7.7)
      base64
      bigdecimal
      concurrent-ruby (~> 1.0, >= 1.0.2)
      drb
      i18n (>= 1.6, < 2)
      minitest (>= 5.1)
      mutex_m
      tzinfo (~> 2.0)
      zeitwerk (~> 2.3)
    rails (6.1.7.7)
      actioncable (= 6.1.7.7)
      actionmailbox (= 6.1.7.7)
      actionmailer (= 6.1.7.7)
      actionpack (= 6.1.7.7)
      actiontext (= 6.1.7.7)
      actionview (= 6.1.7.7)
      activejob (= 6.1.7.7)
      activemodel (= 6.1.7.7)
      activerecord (= 6.1.7.7)
      activestorage (= 6.1.7.7)
      activesupport (= 6.1.7.7)
      bundler (>= 1.15.0)
      railties (= 6.1.7.7)
      sprockets-rails (>= 2.0.0)
    railties (6.1.7.7)
      actionpack (= 6.1.7.7)
      activesupport (= 6.1.7.7)
      method_source
      rake (>= 12.2)
      thor (~> 1.0)

GIT
  remote: https://github.com/samvera-labs/hyrax-doi.git
  revision: 9b7ab7f8054a14385b838de1118f55ad2e0f5da8
  branch: rails_hyrax_upgrade
  specs:
    hyrax-doi (0.2.0)
      bolognese (>= 1.8.6, < 2.0)
      flipflop (~> 2.3)
      hyrax (>= 2.9, < 6.0)
      rails (>= 5.2.4.3, < 8.0)

GIT
  remote: https://github.com/samvera-labs/hyrax-iiif_av.git
  revision: 4723b8fd0961fa179caf787532bd7922a44957ec
  branch: rails_hyrax_upgrade
  specs:
    hyrax-iiif_av (0.2.0)
      blacklight
      hyrax (>= 3.5, < 6.0)
      iiif_manifest (> 0.5)
      rails (>= 5.1, < 8.0)

GIT
  remote: https://github.com/samvera/bulkrax.git
  revision: 1048453a4d99a6fba4b10531c2dc3a67a51c4c50
  branch: main
  specs:
    bulkrax (8.0.0)
      bagit (~> 0.4.6)
      coderay
      denormalize_fields
      iso8601 (~> 0.9.0)
      kaminari
      language_list (~> 1.2, >= 1.2.1)
      libxml-ruby (~> 3.2.4)
      loofah (>= 2.2.3)
      marcel
      oai (>= 0.4, < 2.x)
      rack (>= 2.0.6)
      rails (>= 5.1.6)
      rdf (>= 2.0.2, < 4.0)
      rubyzip
      simple_form

GIT
  remote: https://github.com/samvera/hyrax.git
  revision: 946048997c66e57d8e15ddd5fcd3a50931ea310d
  branch: double_combo
  specs:
    hyrax (5.0.0)
      active-fedora (~> 14.0)
      almond-rails (~> 0.1)
      awesome_nested_set (~> 3.1)
      blacklight (~> 7.29)
      blacklight-gallery (~> 4.0)
      breadcrumbs_on_rails (~> 3.0)
      browse-everything (>= 0.16, < 2.0)
      carrierwave (~> 1.0)
      clipboard-rails (~> 1.5)
      concurrent-ruby (~> 1.0)
      connection_pool (~> 2.4)
      draper (~> 4.0)
      dry-container (~> 0.11)
      dry-events (~> 1.0, >= 1.0.1)
      dry-logic (~> 1.5)
      dry-monads (~> 1.6)
      dry-validation (~> 1.10)
      flipflop (~> 2.3)
      flot-rails (~> 0.0.6)
      font-awesome-rails (~> 4.2)
      hydra-derivatives (~> 3.3)
      hydra-editor (~> 6.0)
      hydra-file_characterization (~> 1.1)
      hydra-head (~> 12.0)
      hydra-works (>= 0.16)
      iiif_manifest (>= 0.3, < 2.0)
      json-schema
      legato (~> 0.3)
      linkeddata
      mailboxer (~> 0.12)
      nest (~> 3.1)
      noid-rails (~> 3.0)
      oauth
      oauth2 (~> 1.2)
      openseadragon
      posix-spawn
      qa (~> 5.5, >= 5.5.1)
      rails (~> 6.1)
      rails_autolink (~> 1.1)
      rdf-rdfxml
      rdf-vocab (~> 3.0)
      redis (~> 4.0)
      redis-namespace (~> 1.5)
      redlock (>= 0.1.2, < 2.0)
      reform (~> 2.3)
      reform-rails (~> 0.2.0)
      retriable (>= 2.9, < 4.0)
      sass-rails (~> 6.0)
      select2-rails (~> 3.5)
      signet
      sprockets (~> 3.7)
      tinymce-rails (~> 5.10)
      valkyrie (~> 3.1.1)
      view_component (~> 2.74.1)

GIT
  remote: https://github.com/scientist-softserv/apartment.git
  revision: 9ad4b0ef2ee6debb956e86ef9e7095c8358fef5e
  branch: development
  specs:
    apartment (2.2.1)
      activerecord (>= 3.1.2, < 7.0)
      parallel (>= 0.7.1)
      public_suffix (>= 2)
      rack (>= 1.3.6)

GIT
  remote: https://github.com/scientist-softserv/iiif_print.git
  revision: ddf6138187fa7b985f6dfdaef03405c03e4b994a
  branch: main
  specs:
    iiif_print (1.0.0)
      blacklight_iiif_search (>= 1.0, < 3.0)
      derivative-rodeo (~> 0.5)
      hyrax (>= 2.5, < 6)
      nokogiri (>= 1.13.2)
      rdf-vocab (~> 3.0)

GIT
  remote: https://github.com/stanhu/omniauth-cas.git
  revision: 4211e6d05941b4a981f9a36b49ec166cecd0e271
  ref: 4211e6d05941b4a981f9a36b49ec166cecd0e271
  specs:
    omniauth-cas (2.0.0)
      addressable (~> 2.3)
      nokogiri (~> 1.5)
      omniauth (>= 1.2, < 3)

PATH
  remote: .
  specs:
    hyku_knapsack (0.0.1)
      rails (>= 5.2.0)

GEM
  remote: https://rubygems.org/
  specs:
    actioncable (7.1.2)
      actionpack (= 7.1.2)
      activesupport (= 7.1.2)
      nio4r (~> 2.0)
      websocket-driver (>= 0.6.1)
      zeitwerk (~> 2.6)
    actionmailbox (7.1.2)
      actionpack (= 7.1.2)
      activejob (= 7.1.2)
      activerecord (= 7.1.2)
      activestorage (= 7.1.2)
      activesupport (= 7.1.2)
      mail (>= 2.7.1)
      net-imap
      net-pop
      net-smtp
    actionmailer (7.1.2)
      actionpack (= 7.1.2)
      actionview (= 7.1.2)
      activejob (= 7.1.2)
      activesupport (= 7.1.2)
      mail (~> 2.5, >= 2.5.4)
      net-imap
      net-pop
      net-smtp
      rails-dom-testing (~> 2.2)
    actionpack (7.1.2)
      actionview (= 7.1.2)
      activesupport (= 7.1.2)
      nokogiri (>= 1.8.5)
      racc
      rack (>= 2.2.4)
      rack-session (>= 1.0.1)
      rack-test (>= 0.6.3)
      rails-dom-testing (~> 2.2)
      rails-html-sanitizer (~> 1.6)
    actiontext (7.1.2)
      actionpack (= 7.1.2)
      activerecord (= 7.1.2)
      activestorage (= 7.1.2)
      activesupport (= 7.1.2)
      globalid (>= 0.6.0)
      nokogiri (>= 1.8.5)
    actionview (7.1.2)
      activesupport (= 7.1.2)
      builder (~> 3.1)
      erubi (~> 1.11)
      rails-dom-testing (~> 2.2)
      rails-html-sanitizer (~> 1.6)
    activejob (7.1.2)
      activesupport (= 7.1.2)
      globalid (>= 0.3.6)
    activemodel (7.1.2)
      activesupport (= 7.1.2)
    activerecord (7.1.2)
      activemodel (= 7.1.2)
      activesupport (= 7.1.2)
      timeout (>= 0.4.0)
    activestorage (7.1.2)
      actionpack (= 7.1.2)
      activejob (= 7.1.2)
      activerecord (= 7.1.2)
      activesupport (= 7.1.2)
      marcel (~> 1.0)
    activesupport (7.1.2)
      base64
      bigdecimal
      concurrent-ruby (~> 1.0, >= 1.0.2)
      connection_pool (>= 2.2.5)
      drb
      i18n (>= 1.6, < 2)
      minitest (>= 5.1)
      mutex_m
      tzinfo (~> 2.0)
    base64 (0.2.0)
    bigdecimal (3.1.4)
    builder (3.2.4)
    concurrent-ruby (1.2.2)
    connection_pool (2.4.1)
    crass (1.0.6)
    date (3.3.4)
    drb (2.2.0)
      ruby2_keywords
    erubi (1.12.0)
    globalid (1.2.1)
      activesupport (>= 6.1)
    i18n (1.14.1)
      concurrent-ruby (~> 1.0)
    io-console (0.6.0)
    irb (1.9.0)
      rdoc
      reline (>= 0.3.8)
    loofah (2.21.4)
      crass (~> 1.0.2)
      nokogiri (>= 1.12.0)
    mail (2.8.1)
      mini_mime (>= 0.1.1)
      net-imap
      net-pop
      net-smtp
    marcel (1.0.2)
    mini_mime (1.1.5)
    mini_portile2 (2.8.5)
    minitest (5.20.0)
    mutex_m (0.2.0)
    net-imap (0.4.4)
      date
      net-protocol
    net-pop (0.1.2)
      net-protocol
    net-protocol (0.2.2)
      timeout
    net-smtp (0.4.0)
      net-protocol
    nio4r (2.5.9)
    nokogiri (1.15.4)
      mini_portile2 (~> 2.8.2)
      racc (~> 1.4)
    psych (5.1.1.1)
      stringio
    racc (1.7.3)
    rack (3.0.8)
    rack-session (2.0.0)
      rack (>= 3.0.0)
    rack-test (2.1.0)
      rack (>= 1.3)
    rackup (2.1.0)
      rack (>= 3)
      webrick (~> 1.8)
    rails (7.1.2)
      actioncable (= 7.1.2)
      actionmailbox (= 7.1.2)
      actionmailer (= 7.1.2)
      actionpack (= 7.1.2)
      actiontext (= 7.1.2)
      actionview (= 7.1.2)
      activejob (= 7.1.2)
      activemodel (= 7.1.2)
      activerecord (= 7.1.2)
      activestorage (= 7.1.2)
      activesupport (= 7.1.2)
      bundler (>= 1.15.0)
      railties (= 7.1.2)
    rails-dom-testing (2.2.0)
      activesupport (>= 5.0.0)
      minitest
      nokogiri (>= 1.6)
    rails-html-sanitizer (1.6.0)
      loofah (~> 2.21)
      nokogiri (~> 1.14)
    railties (7.1.2)
      actionpack (= 7.1.2)
      activesupport (= 7.1.2)
      irb
      rackup (>= 1.0.0)
      rake (>= 12.2)
      thor (~> 1.0, >= 1.2.2)
      zeitwerk (~> 2.6)
    rake (13.1.0)
    rdoc (6.6.0)
      psych (>= 4.0.0)
    reline (0.4.0)
      io-console (~> 0.5)
    ruby2_keywords (0.0.5)
    stringio (3.0.9)
    thor (1.3.0)
    timeout (0.4.1)
    tzinfo (2.0.6)
      concurrent-ruby (~> 1.0)
    webrick (1.8.1)
    websocket-driver (0.7.6)
      websocket-extensions (>= 0.1.0)
    websocket-extensions (0.1.5)
    zeitwerk (2.6.12)

PLATFORMS
  aarch64-linux-musl
  ruby
  x86_64-linux-musl

DEPENDENCIES
  hyku_knapsack!

BUNDLED WITH
   2.4.21
